GEM
  remote: https://rubygems.org/
  remote: http://sul-gems.stanford.edu/
  specs:
    active-fedora (5.7.1)
      activeresource (>= 3.0.0)
      activesupport (>= 3.0.0)
      builder (~> 3.0.0)
      deprecation
      mediashelf-loggable
      nom-xml (>= 0.5.1)
      om (~> 1.8.0)
      rdf
      rdf-rdfxml (~> 0.3.8)
      rsolr
      rubydora (~> 1.6)
      solrizer (~> 2.1)
    activemodel (3.2.18)
      activesupport (= 3.2.18)
      builder (~> 3.0.0)
    activeresource (3.2.18)
      activemodel (= 3.2.18)
      activesupport (= 3.2.18)
    activesupport (3.2.18)
      i18n (~> 0.6, >= 0.6.4)
      multi_json (~> 1.0)
    addressable (2.3.5)
    awesome_print (1.2.0)
    builder (3.0.4)
    capistrano (3.1.0)
      i18n
      rake (>= 10.0.0)
      sshkit (~> 1.3)
    capistrano-bundler (1.1.2)
      capistrano (~> 3.0)
      sshkit (~> 1.2)
    capistrano-holepicker (0.0.1)
      capistrano (~> 3.0)
      holepicker
    capistrano-one_time_key (0.0.1)
      capistrano (~> 3.0)
    capistrano-releaseboard (0.0.1)
      faraday
    columnize (0.3.6)
    confstruct (0.2.7)
    daemons (1.1.9)
    debugger (1.6.5)
      columnize (>= 0.3.1)
      debugger-linecache (~> 1.2.0)
      debugger-ruby_core_source (~> 1.3.1)
    debugger-linecache (1.2.0)
    debugger-ruby_core_source (1.3.1)
    deprecation (0.1.0)
      activesupport
    diff-lcs (1.2.5)
    docile (1.1.3)
    dor-services (4.8.2)
      active-fedora (~> 5.7.1)
      activesupport (~> 3.2, >= 3.2.18)
      confstruct (~> 0.2.2)
      dor-workflow-service (~> 1.7, >= 1.7.1)
      druid-tools (~> 0.3.0)
      equivalent-xml (~> 0.2.2)
      json (~> 1.8.1)
      moab-versioning (= 1.3.1)
      net-sftp (~> 2.1.2)
      net-ssh (~> 2.7.0)
      nokogiri (~> 1.6.0)
      om (~> 1.8.0)
      progressbar (~> 0.21.0)
      rdf (~> 1.0.9.0)
      rest-client (~> 1.6.7)
      rsolr-ext (~> 1.0.3)
      ruby-cache (~> 0.3.0)
      ruby-graphviz (~> 1.0.9)
      rubydora (~> 1.6.5)
      solrizer (~> 2.0)
      stanford-mods (~> 0.0.14)
      systemu (~> 2.6.0)
      uuidtools (~> 2.1.4)
      validatable (~> 1.6.7)
    dor-workflow-service (1.7.1)
      activesupport (~> 3.2)
      confstruct (~> 0.2.7)
      nokogiri (~> 1.6.0)
      rest-client (~> 1.6.7)
    druid-tools (0.3.0)
    equivalent-xml (0.2.9)
      nokogiri (>= 1.4.3)
    faraday (0.9.0)
      multipart-post (>= 1.2, < 3)
    fastercsv (1.5.5)
    grape (0.2.1)
      hashie (~> 1.2)
      multi_json
      multi_xml
      rack
      rack-mount
    happymapper (0.4.1)
      libxml-ruby (~> 2.0)
    hashery (2.1.1)
    hashie (1.2.0)
    holepicker (0.3.3)
      json (~> 1.8)
      rainbow (~> 2.0)
    hooks (0.3.6)
      uber (~> 0.0.4)
    i18n (0.6.9)
    iso-639 (0.2.4)
    json (1.8.1)
    libxml-ruby (2.7.0)
    lyber-core (3.2.2)
      dor-workflow-service (~> 1.6, >= 1.6.3)
    lyberteam-capistrano-devel (3.0.0.pre1)
      capistrano (~> 3.0)
      capistrano-holepicker
      capistrano-one_time_key
      capistrano-releaseboard
    mediashelf-loggable (0.4.9)
    mime-types (2.3)
    mini_portile (0.6.0)
    moab-versioning (1.3.1)
      confstruct
      happymapper
      hashery (>= 2.0.0)
      json
      nokogiri
      systemu
    mods (0.0.23)
      iso-639
      nokogiri
      nom-xml
    multi_json (1.10.1)
    multi_xml (0.5.5)
    multipart-post (2.0.0)
    net-scp (1.1.2)
      net-ssh (>= 2.6.5)
    net-sftp (2.1.2)
      net-ssh (>= 2.6.5)
    net-ssh (2.7.0)
    nokogiri (1.6.2.1)
      mini_portile (= 0.6.0)
    nom-xml (0.5.1)
      activesupport
      i18n
      nokogiri
    om (1.8.0)
      activemodel
      activesupport
      deprecation
      mediashelf-loggable
      nokogiri (>= 1.4.2)
    progressbar (0.21.0)
    rack (1.5.2)
    rack-mount (0.8.3)
      rack (>= 1.0.0)
    rack-test (0.6.2)
      rack (>= 1.0)
    rainbow (2.0.0)
    rake (10.1.1)
    rdf (1.0.9)
      addressable (>= 2.3)
    rdf-rdfxml (0.3.9)
      rdf (>= 0.3.11)
      rdf-xsd (>= 0.3.8)
    rdf-xsd (1.0.2.1)
      nokogiri (>= 1.5.0)
      rdf (>= 0.3.4)
    rest-client (1.6.7)
      mime-types (>= 1.16)
    rsolr (1.0.10)
      builder (>= 2.1.2)
    rsolr-ext (1.0.3)
      rsolr (>= 1.0.2)
    rspec (2.14.1)
      rspec-core (~> 2.14.0)
      rspec-expectations (~> 2.14.0)
      rspec-mocks (~> 2.14.0)
    rspec-core (2.14.7)
    rspec-expectations (2.14.5)
      diff-lcs (>= 1.1.3, < 2.0)
    rspec-mocks (2.14.5)
    ruby-cache (0.3.0)
    ruby-graphviz (1.0.9)
    ruby-oci8 (2.1.7)
    rubydora (1.6.5)
      activemodel
      activesupport
      deprecation
      equivalent-xml
      fastercsv
      hooks (~> 0.3.0)
      mime-types
      nokogiri
      rest-client
    simplecov (0.8.2)
      docile (~> 1.1.0)
      multi_json
      simplecov-html (~> 0.8.0)
    simplecov-html (0.8.0)
    solrizer (2.2.0)
      activesupport
      daemons
      mediashelf-loggable (~> 0.4.7)
      nokogiri
      om (>= 1.5.0)
      stomp
      xml-simple
    sshkit (1.3.0)
      net-scp (>= 1.1.2)
      net-ssh
      term-ansicolor
    stanford-mods (0.0.27)
      mods
    stomp (1.3.2)
    systemu (2.6.4)
    term-ansicolor (1.3.0)
      tins (~> 1.0)
    tins (1.0.0)
    uber (0.0.6)
    uuidtools (2.1.4)
    validatable (1.6.7)
    workflow-archiver (1.2.1)
      lyber-core
      rest-client
      ruby-oci8
    xml-simple (1.1.3)

PLATFORMS
  ruby

DEPENDENCIES
  addressable (= 2.3.5)
  awesome_print
  capistrano (~> 3.0)
  capistrano-bundler (~> 1.1)
  debugger
  dor-services (~> 4.8)
  equivalent-xml
  grape (= 0.2.1)
  holepicker (~> 0.3, >= 0.3.3)
  lyber-core (>= 2.0.2)
  lyberteam-capistrano-devel (= 3.0.0.pre1)
  rack-test
  rspec
  rubydora (= 1.6.5)
  simplecov
  workflow-archiver
