GEM
  remote: https://rubygems.org/
  specs:
    active-fedora (5.7.1)
      activeresource (>= 3.0.0)
      activesupport (>= 3.0.0)
      builder (~> 3.0.0)
      deprecation
      mediashelf-loggable
      nom-xml (>= 0.5.1)
      om (~> 1.8.0)
      rdf
      rdf-rdfxml (~> 0.3.8)
      rsolr
      rubydora (~> 1.6)
      solrizer (~> 2.1)
    activemodel (3.2.21)
      activesupport (= 3.2.21)
      builder (~> 3.0.0)
    activeresource (3.2.21)
      activemodel (= 3.2.21)
      activesupport (= 3.2.21)
    activesupport (3.2.21)
      i18n (~> 0.6, >= 0.6.4)
      multi_json (~> 1.0)
    addressable (2.3.5)
    awesome_print (1.2.0)
    bagit (0.3.2)
      docopt (~> 0.5.0)
      validatable (~> 1.6)
    builder (3.0.4)
    bundler-audit (0.3.1)
      bundler (~> 1.2)
      thor (~> 0.18)
    capistrano (3.2.1)
      i18n
      rake (>= 10.0.0)
      sshkit (~> 1.3)
    capistrano-bundle_audit (0.0.3)
      bundler-audit
      capistrano (~> 3.0)
    capistrano-bundler (1.1.2)
      capistrano (~> 3.0)
      sshkit (~> 1.2)
    capistrano-one_time_key (0.0.1)
      capistrano (~> 3.0)
    capistrano-releaseboard (0.0.1)
      faraday
    coderay (1.1.0)
    columnize (0.8.9)
    confstruct (0.2.7)
    daemons (1.2.2)
    debugger (1.6.8)
      columnize (>= 0.3.1)
      debugger-linecache (~> 1.2.0)
      debugger-ruby_core_source (~> 1.3.5)
    debugger-linecache (1.2.0)
    debugger-ruby_core_source (1.3.5)
    deprecation (0.2.2)
      activesupport
    diff-lcs (1.2.5)
    docile (1.1.3)
    docopt (0.5.0)
    domain_name (0.5.24)
      unf (>= 0.0.5, < 1.0.0)
    dor-services (4.20.1)
      active-fedora (~> 5.7.1)
      activesupport (~> 3.2, >= 3.2.18)
      addressable (= 2.3.5)
      confstruct (~> 0.2.7)
      dor-workflow-service (~> 1.7, >= 1.7.1)
      druid-tools (~> 0.4, >= 0.4.1)
      equivalent-xml (~> 0.5.1)
      json (~> 1.8.1)
      lyber-utils (~> 0.1.2)
      moab-versioning (~> 1.4.4)
      net-sftp (~> 2.1.2)
      net-ssh (~> 2.6.5)
      nokogiri (~> 1.6.0)
      om (~> 1.8.0)
      osullivan (~> 0.0.3)
      progressbar (~> 0.21.0)
      rdf (~> 1.0.9.0)
      rest-client (~> 1.7)
      retries
      rsolr-ext (~> 1.0.3)
      ruby-cache (~> 0.3.0)
      ruby-graphviz (~> 1.0.9)
      rubydora (~> 1.6.5)
      solrizer (~> 2.0)
      stanford-mods (~> 0.0.14)
      systemu (~> 2.6.0)
      uuidtools (~> 2.1.4)
      validatable (~> 1.6.7)
    dor-workflow-service (1.7.5)
      activesupport (>= 3.2.1, < 4.2.2)
      confstruct (~> 0.2.7)
      nokogiri (~> 1.6.0)
      rest-client (~> 1.7)
    druid-tools (0.4.1)
    equivalent-xml (0.5.1)
      nokogiri (>= 1.4.3)
    faraday (0.9.1)
      multipart-post (>= 1.2, < 3)
    fastercsv (1.5.5)
    grape (0.2.1)
      hashie (~> 1.2)
      multi_json
      multi_xml
      rack
      rack-mount
    hashie (1.2.0)
    hooks (0.3.6)
      uber (~> 0.0.4)
    http-cookie (1.0.2)
      domain_name (~> 0.5)
    i18n (0.7.0)
    iso-639 (0.2.5)
    json (1.8.2)
    lyber-core (3.2.4)
      dor-workflow-service (~> 1.7)
    lyber-utils (0.1.2)
      bagit (>= 0.1.0)
      nokogiri (>= 1.4.3.1)
      systemu (>= 1.2.0)
      validatable
    lyberteam-capistrano-devel (3.1.0)
      capistrano (~> 3.0)
      capistrano-bundle_audit (>= 0.0.3)
      capistrano-one_time_key
      capistrano-releaseboard
    mediashelf-loggable (0.4.10)
    method_source (0.8.2)
    mime-types (2.5)
    mini_portile (0.6.2)
    moab-versioning (1.4.4)
      confstruct
      json
      nokogiri
      nokogiri-happymapper
      systemu
    mods (2.0.3)
      iso-639
      nokogiri
      nom-xml (~> 0.5.2)
    multi_json (1.11.0)
    multi_xml (0.5.5)
    multipart-post (2.0.0)
    net-scp (1.2.1)
      net-ssh (>= 2.6.5)
    net-sftp (2.1.2)
      net-ssh (>= 2.6.5)
    net-ssh (2.6.8)
    netrc (0.10.3)
    nokogiri (1.6.6.2)
      mini_portile (~> 0.6.0)
    nokogiri-happymapper (0.5.9)
      nokogiri (~> 1.5)
    nom-xml (0.5.2)
      activesupport (>= 3.2.18)
      i18n
      nokogiri
    om (1.8.0)
      activemodel
      activesupport
      deprecation
      mediashelf-loggable
      nokogiri (>= 1.4.2)
    osullivan (0.0.3)
      activesupport (>= 3.2.18)
      faraday (~> 0.9.0)
      json
    progressbar (0.21.0)
    pry (0.9.12.6)
      coderay (~> 1.0)
      method_source (~> 0.8)
      slop (~> 3.4)
    pry-debugger (0.2.2)
      debugger (~> 1.3)
      pry (~> 0.9.10)
    rack (1.5.2)
    rack-mount (0.8.3)
      rack (>= 1.0.0)
    rack-test (0.6.2)
      rack (>= 1.0)
    rake (10.3.2)
    rdf (1.0.9)
      addressable (>= 2.3)
    rdf-rdfxml (0.3.9)
      rdf (>= 0.3.11)
      rdf-xsd (>= 0.3.8)
    rdf-xsd (1.0.2.1)
      nokogiri (>= 1.5.0)
      rdf (>= 0.3.4)
    rest-client (1.8.0)
      http-cookie (>= 1.0.2, < 2.0)
      mime-types (>= 1.16, < 3.0)
      netrc (~> 0.7)
    retries (0.0.5)
    rsolr (1.0.12)
      builder (>= 2.1.2)
    rsolr-ext (1.0.3)
      rsolr (>= 1.0.2)
    rspec (2.14.1)
      rspec-core (~> 2.14.0)
      rspec-expectations (~> 2.14.0)
      rspec-mocks (~> 2.14.0)
    rspec-core (2.14.7)
    rspec-expectations (2.14.5)
      diff-lcs (>= 1.1.3, < 2.0)
    rspec-mocks (2.14.5)
    ruby-cache (0.3.0)
    ruby-graphviz (1.0.9)
    ruby-oci8 (2.1.7)
    rubydora (1.6.5)
      activemodel
      activesupport
      deprecation
      equivalent-xml
      fastercsv
      hooks (~> 0.3.0)
      mime-types
      nokogiri
      rest-client
    simplecov (0.8.2)
      docile (~> 1.1.0)
      multi_json
      simplecov-html (~> 0.8.0)
    simplecov-html (0.8.0)
    slop (3.6.0)
    solrizer (2.2.0)
      activesupport
      daemons
      mediashelf-loggable (~> 0.4.7)
      nokogiri
      om (>= 1.5.0)
      stomp
      xml-simple
    sshkit (1.3.0)
      net-scp (>= 1.1.2)
      net-ssh
      term-ansicolor
    stanford-mods (0.0.27)
      mods
    stomp (1.3.4)
    systemu (2.6.5)
    term-ansicolor (1.3.0)
      tins (~> 1.0)
    thor (0.19.1)
    tins (1.3.3)
    uber (0.0.13)
    unf (0.1.4)
      unf_ext
    unf_ext (0.0.7.1)
    uuidtools (2.1.5)
    validatable (1.6.7)
    workflow-archiver (1.3.0)
      confstruct
      lyber-core
      rest-client
      ruby-oci8
    xml-simple (1.1.5)

PLATFORMS
  ruby

DEPENDENCIES
  addressable (= 2.3.5)
  awesome_print
  capistrano (~> 3.0)
  capistrano-bundler (~> 1.1)
  dor-services (~> 4.20)
  equivalent-xml
  grape (= 0.2.1)
  lyber-core (>= 2.0.2)
  lyberteam-capistrano-devel
  pry-debugger
  rack-test
  rspec
  rubydora (= 1.6.5)
  simplecov
  workflow-archiver (~> 1.3)
